GEM
  remote: https://rubygems.org/
  specs:
    rss (0.2.8)
    sqlite3 (1.4.2)

PLATFORMS
  ruby

DEPENDENCIES
  rss
  sqlite3

BUNDLED WITH
   2.0.1
